PATH
  remote: .
  specs:
    profanity_filter (0.1.0)
      webpurify

GEM
  remote: https://rubygems.org/
  specs:
    coderay (1.1.2)
    json (2.2.0)
    method_source (0.9.2)
    minitest (5.11.3)
    pry (0.12.2)
      coderay (~> 1.1.0)
      method_source (~> 0.9.0)
    rake (10.5.0)
    rr (1.2.1)
    webpurify (1.0.1)
      json

PLATFORMS
  ruby

DEPENDENCIES
  bundler (~> 2.0)
  minitest (~> 5.0)
  profanity_filter!
  pry (~> 0.12.2)
  rake (~> 10.0)
  rr
